REDIRECTS: OFF
NUGET
  remote: https://api.nuget.org/v3/index.json
  specs:
    FSharp.Core (3.1.2.1) - redirects: force