NUGET
  remote: https://api.nuget.org/v3/index.json
  specs:
    Castle.Core (3.3.3)
    Castle.Windsor (3.3.0)
      Castle.Core (>= 3.3.0)
    Nancy (1.4.3)
    Nancy.Bootstrappers.Windsor (1.4.1)
      Castle.Windsor (>= 3.2.1)
      Nancy (>= 1.4.1)

GROUP hosting
NUGET
  remote: https://api.nuget.org/v3/index.json
  specs:
    Nancy (1.4.3)
    Nancy.Owin (1.4.1)
      Nancy (>= 1.4.1)
      Owin (>= 1.0)
    Owin (1.0)

GROUP test
NUGET
  remote: https://api.nuget.org/v3/index.json
  specs:
    CsQuery (1.3.4)
    Nancy (1.4.1)
    Nancy.Testing (1.4.1)
      CsQuery (>= 1.3.3)
      Nancy (>= 1.4.1)
