RESTRICTION: == net461
NUGET
  remote: https://api.nuget.org/v3/index.json
    NUnit (3.8.1)
