NUGET
  remote: https://api.nuget.org/v3/index.json
  specs:
    MySql.Data (6.9.8)