NUGET
  remote: https://www.nuget.org/api/v2
  specs:
    Argu (1.1.3)
    Chessie (0.2.2)
      FSharp.Core
    FSharp.Core (4.0.0.1) - redirects: force
    Newtonsoft.Json (8.0.1) - redirects: force
GITHUB
  remote: fsharp/FAKE
  specs:
    src/app/FakeLib/Globbing/Globbing.fs (3834900476aed462f35ce3acc3ea5c4708971e43)
  remote: fsharp/FSharp.Data
  specs:
    src/CommonProviderImplementation/AssemblyReader.fs (9b01f37126d5b2487dac5da7899bb2b1a5cb56ef)
GROUP Build
NUGET
  remote: https://www.nuget.org/api/v2
  specs:
    FAKE (4.12.0)
    FSharp.Compiler.Service (1.4.2.3)
    FSharp.Formatting (2.13.0)
      FSharp.Compiler.Service (>= 1.4.2 < 1.5.0)
      FSharpVSPowerTools.Core (>= 2.2.0 < 2.3.0)
    FSharpVSPowerTools.Core (2.2.0)
      FSharp.Compiler.Service (>= 1.4.2.0)
    ILRepack (2.0.9)
    Microsoft.Bcl (1.1.10)
      Microsoft.Bcl.Build (>= 1.0.14)
    Microsoft.Bcl.Build (1.0.21) - import_targets: false
    Microsoft.Net.Http (2.2.29)
      Microsoft.Bcl (>= 1.1.10)
      Microsoft.Bcl.Build (>= 1.0.14)
    Octokit (0.17.0)
      Microsoft.Net.Http
GITHUB
  remote: fsharp/FAKE
  specs:
    modules/Octokit/Octokit.fsx (3834900476aed462f35ce3acc3ea5c4708971e43)
      Octokit
GROUP Test
NUGET
  remote: https://www.nuget.org/api/v2
  specs:
    NUnit (2.6.4)
    NUnit.Runners.Net4 (2.6.4)
GITHUB
  remote: forki/FsUnit
  specs:
    FsUnit.fs (ddee2d57be2afd2b5a0327b87dd5b8d1dea947ce)
