NUGET
  remote: https://nuget.org/api/v2
  specs:
    FAKE (3.26.1)
    FSharp.Compiler.Service (0.0.86)
    FSharp.Core (3.1.2.1)
    FSharp.Formatting (2.7.5)
      FSharp.Compiler.Service (>= 0.0.82)
      FSharpVSPowerTools.Core (>= 1.7.0)
    FSharpVSPowerTools.Core (1.7.0)
      FSharp.Compiler.Service (>= 0.0.81)
    Microsoft.Bcl (1.1.10)
      Microsoft.Bcl.Build (>= 1.0.14)
    Microsoft.Bcl.Build (1.0.21)
    Microsoft.Net.Http (2.2.29)
      Microsoft.Bcl (>= 1.1.10)
      Microsoft.Bcl.Build (>= 1.0.14)
    Newtonsoft.Json (6.0.8)
    NUnit (2.6.4)
    NUnit.Runners (2.6.4)
    Octokit (0.8.0)
      Microsoft.Net.Http
    UnionArgParser (0.8.6)
GITHUB
  remote: forki/FsUnit
  specs:
    FsUnit.fs (81d27fd09575a32c4ed52eadb2eeac5f365b8348)
  remote: fsharp/FAKE
  specs:
    modules/Octokit/Octokit.fsx (e8456a22c8b342c53190030401d0daf00f0682ae)
      Octokit
    src/app/FakeLib/Globbing/Globbing.fs (e8456a22c8b342c53190030401d0daf00f0682ae)
  remote: fsprojects/Chessie
  specs:
    src/Chessie/ErrorHandling.fs (4e795a19a5ed1f2fccf812e87f7f239b549e4d9b)