NUGET
  remote: https://nuget.org/api/v2
  specs:
    DotNetZip (1.9.3)
    FAKE (3.12.2)
    FSharp.Compiler.Service (0.0.81)
    FSharp.Core (3.1.2.1)
    FSharp.Formatting (2.4.38)
      FSharp.Compiler.Service (>= 0.0.81)
      Microsoft.AspNet.Razor (2.0.30506)
      RazorEngine (3.3.0)
    Microsoft.AspNet.Razor (2.0.30506)
    Microsoft.Bcl (1.1.9)
      Microsoft.Bcl.Build (>= 1.0.14)
    Microsoft.Bcl.Build (1.0.21)
    Microsoft.Net.Http (2.2.28)
      Microsoft.Bcl (>= 1.1.9)
      Microsoft.Bcl.Build (>= 1.0.14)
    Newtonsoft.Json (6.0.7)
    NuGet.CommandLine (2.8.3)
    NUnit (2.6.4)
    NUnit.Runners (2.6.4)
    Octokit (0.6.1)
      Microsoft.Net.Http 
    RazorEngine (3.3.0)
      Microsoft.AspNet.Razor (>= 2.0.30506.0)
    UnionArgParser (0.8.2)
GITHUB
  remote: forki/FsUnit
  specs:
    FsUnit.fs (a8830b5a70e72a1948592cfa1e43e3c5b0a31b92)
  remote: fsharp/FAKE
  specs:
    modules/Octokit/Octokit.fsx (875c384b04eb7cdee601b8c99852bba2d5e2142b)
      Octokit
  remote: nessos/Streams
  specs:
    src/Streams.Core/Streams.fs (6ed7b7cf09ee5ca7887d2bf3a5296f3ab36f07b9)