FRAMEWORK: >= NET40
NUGET
  remote: https://www.nuget.org/api/v2
    Argu (3.2)
    Chessie (0.6)
      FSharp.Core
    FSharp.Core (4.0.0.1) - redirects: force
    Mono.Cecil (0.9.6.4)
    Newtonsoft.Json (9.0.1) - redirects: force
GITHUB
  remote: fsharp/FAKE
    src/app/FakeLib/Globbing/Globbing.fs (73589a85a5e30a2c78d61efccdd3446a99483142)
  remote: fsprojects/FSharp.TypeProviders.StarterPack
    src/AssemblyReader.fs (dbbfb58d1238bf21c84c455451501c7f31ae95e1)
GROUP Build
NUGET
  remote: https://www.nuget.org/api/v2
    FAKE (4.41.3)
    FSharp.Compiler.Service (2.0.0.6)
    FSharp.Formatting (2.14.4)
      FSharp.Compiler.Service (2.0.0.6)
      FSharpVSPowerTools.Core (>= 2.3 < 2.4)
    FSharpVSPowerTools.Core (2.3)
      FSharp.Compiler.Service (>= 2.0.0.3)
    ILRepack (2.0.11)
    Microsoft.Bcl (1.1.10) - framework: net10, net11, net20, net30, net35, net40, net40-full
      Microsoft.Bcl.Build (>= 1.0.14)
    Microsoft.Bcl.Build (1.0.21) - import_targets: false, framework: net10, net11, net20, net30, net35, net40, net40-full
    Microsoft.Net.Http (2.2.29) - framework: net10, net11, net20, net30, net35, net40, net40-full
      Microsoft.Bcl (>= 1.1.10)
      Microsoft.Bcl.Build (>= 1.0.14)
    Octokit (0.22)
      Microsoft.Net.Http  - framework: net10, net11, net20, net30, net35, net40, net40-full
GITHUB
  remote: fsharp/FAKE
    modules/Octokit/Octokit.fsx (73589a85a5e30a2c78d61efccdd3446a99483142)
      Octokit (>= 0.20)
  remote: matthid/FAKE
    src/app/Fake.DotNet.Cli/Dotnet.fs (8c3af7c67fae11c673a10817ebbf8598130e731a)
GROUP Test
NUGET
  remote: https://www.nuget.org/api/v2
    Castle.Core (3.3.3) - framework: >= net45
    FsCheck (2.6)
      FSharp.Core (>= 3.1.2.5)
    FSharp.Core (4.0.0.1)
    Moq (4.5.21)
      Castle.Core (>= 3.3.3) - framework: >= net45
    NUnit (3.4.1)
    NUnit.Console (3.4.1)
      NUnit.ConsoleRunner (>= 3.4.1)
      NUnit.Extension.NUnitProjectLoader (>= 3.4.1)
      NUnit.Extension.NUnitV2Driver (>= 3.4.1)
      NUnit.Extension.NUnitV2ResultWriter (>= 3.4.1)
      NUnit.Extension.TeamCityEventListener (>= 1.0.1)
      NUnit.Extension.VSProjectLoader (>= 3.4.1)
    NUnit.ConsoleRunner (3.4.1)
    NUnit.Extension.NUnitProjectLoader (3.4.1)
    NUnit.Extension.NUnitV2Driver (3.4.1)
    NUnit.Extension.NUnitV2ResultWriter (3.4.1)
    NUnit.Extension.TeamCityEventListener (1.0.1)
    NUnit.Extension.VSProjectLoader (3.4.1)
    NUnit3TestAdapter (3.4.1) - version_in_path: true
GITHUB
  remote: forki/FsUnit
    FsUnit.fs (f536bd5ed0eba8b38d2b01ae79d64e4e14fbd0a6)