NUGET
  remote: https://api.nuget.org/v3/index.json
    NUnit (2.6.3)
