NUGET
  remote: https://api.nuget.org/v3/index.json
  specs:
    bootstrap (3.3.6) - content: none
      jQuery (>= 1.9.1 < 3.0)
    jQuery (2.2.3) - content: none
