FRAMEWORK: NET45
NUGET
  remote: https://api.nuget.org/v3/index.json
    Newtonsoft.Json (8.0.3)
