NUGET
  remote: https://api.nuget.org/v3/index.json
  specs:
    FAKE