NUGET
  remote: https://api.nuget.org/v3/index.json
  specs:
    Castle.Core (3.2.2)
