FRAMEWORK: NET461
NUGET
  remote: https://api.nuget.org/v3/index.json
    EPPlus (4.0.5)
